GIT
  remote: https://github.com/mwpastore/dalli.git
  revision: bdddc966e6a99b52afda2a6fdcfcec46de1ad434
  branch: rack-session
  specs:
    dalli (2.7.6)

GEM
  remote: https://rubygems.org/
  specs:
    benchmark-ips (2.5.0)
    connection_pool (2.2.0)
    kgio (2.10.0)
    puma (3.1.0)
    puma (3.1.0-java)
    rack (1.6.4)
    rack-protection (1.5.3)
      rack
    sinatra (1.4.7)
      rack (~> 1.5)
      rack-protection (~> 1.4)
      tilt (>= 1.3, < 3)
    tilt (2.0.2)

PLATFORMS
  java
  ruby

DEPENDENCIES
  benchmark-ips
  connection_pool
  dalli!
  kgio
  puma
  sinatra

BUNDLED WITH
   1.11.2
